GEM
  remote: https://rubygems.org/
  specs:
    bootstrap-sass (2.3.1.2)
      sass (~> 3.2)
    bundle (0.0.1)
      bundler
    chunky_png (1.2.8)
    compass (0.12.2)
      chunky_png (~> 1.2)
      fssm (>= 0.2.7)
      sass (~> 3.1)
    fssm (0.2.10)
    sass (3.2.9)

PLATFORMS
  ruby

DEPENDENCIES
  bootstrap-sass (~> 2.3.1.2)
  bundle
  compass (~> 0.12.2)
